PATH
  remote: .
  specs:
    sparql-client (0.0.11)
      em-http-request
      eventmachine
      json_pure (>= 1.6.5)
      net-http-persistent (~> 1.4.1)
      rdf (>= 0.3.5)

GEM
  remote: http://rubygems.org/
  specs:
    addressable (2.2.7)
    cookiejar (0.3.0)
    diff-lcs (1.1.3)
    em-http-request (1.0.2)
      addressable (>= 2.2.3)
      cookiejar
      em-socksify
      eventmachine (>= 1.0.0.beta.4)
      http_parser.rb (>= 0.5.3)
    em-socksify (0.1.0)
      eventmachine
    eventmachine (1.0.0.beta.4)
    http_parser.rb (0.5.3)
    json_pure (1.6.5)
    net-http-persistent (1.4.1)
    rack (1.4.1)
    rdf (0.3.5.1)
      addressable (>= 2.2.6)
    rdf-spec (0.3.5.1)
      rspec (>= 2.8.0)
    rspec (2.9.0)
      rspec-core (~> 2.9.0)
      rspec-expectations (~> 2.9.0)
      rspec-mocks (~> 2.9.0)
    rspec-core (2.9.0)
    rspec-expectations (2.9.0)
      diff-lcs (~> 1.1.3)
    rspec-mocks (2.9.0)
    shotgun (0.9)
      rack (>= 1.0)
    wirble (0.1.3)
    yard (0.7.5)

PLATFORMS
  ruby

DEPENDENCIES
  rdf-spec (>= 0.3.5)
  rspec (>= 2.8.0)
  shotgun
  sparql-client!
  wirble
  yard (>= 0.7.5)
